GEM
  remote: http://rubygems.org/
  specs:
    abstract (1.0.0)
    activesupport (3.0.0)
    addressable (2.2.0)
    autotest (4.3.2)
    autotest-growl (0.2.5)
    builder (2.1.2)
    data_objects (0.10.2)
      addressable (~> 2.1)
    dm-aggregates (1.0.2)
      dm-core (~> 1.0.2)
    dm-core (1.0.2)
      addressable (~> 2.2)
      extlib (~> 0.9.15)
    dm-do-adapter (1.0.2)
      data_objects (~> 0.10.2)
      dm-core (~> 1.0.2)
    dm-is-tree (1.0.2)
      dm-core (~> 1.0.2)
    dm-migrations (1.0.2)
      dm-core (~> 1.0.2)
    dm-pager (1.1.0)
      dm-aggregates (>= 0.10.1)
      dm-core (>= 0.10.1)
    dm-postgres-adapter (1.0.0)
      dm-do-adapter (~> 1.0.0)
      do_postgres (~> 0.10.2)
    dm-sqlite-adapter (1.0.2)
      dm-do-adapter (~> 1.0.2)
      do_sqlite3 (~> 0.10.2)
    dm-tags (1.0.2)
      dm-core (~> 1.0.2)
    dm-timestamps (1.0.2)
      dm-core (~> 1.0.2)
    dm-types (1.0.2)
      dm-core (~> 1.0.2)
      fastercsv (~> 1.5.3)
      json_pure (~> 1.4)
      stringex (~> 1.1.0)
      uuidtools (~> 2.1.1)
    dm-validations (1.0.2)
      dm-core (~> 1.0.2)
    do_postgres (0.10.2)
      data_objects (= 0.10.2)
    do_sqlite3 (0.10.2)
      data_objects (= 0.10.2)
    erubis (2.6.6)
      abstract (>= 1.0.0)
    exceptional (2.0.25)
    extlib (0.9.15)
    fastercsv (1.5.3)
    haml (3.0.17)
    i18n (0.4.1)
    json_pure (1.4.6)
    r18n-core (0.4.7.1)
    rack (1.2.1)
    rack-flash (0.1.1)
      rack
    rack-test (0.5.4)
      rack (>= 1.0)
    rake (0.8.7)
    shotgun (0.8)
      rack (>= 1.0)
    shoulda (2.11.3)
    sinatra (1.0)
      rack (>= 1.0)
    sinatra-content-for (0.2)
      sinatra
    sinatra-logger (0.1.0)
      sinatra (>= 0.10.1)
    sinatra-r18n (0.4.7.1)
      r18n-core (= 0.4.7.1)
    stringex (1.1.0)
    uuidtools (2.1.1)

PLATFORMS
  ruby

DEPENDENCIES
  activesupport (= 3.0.0)
  autotest (= 4.3.2)
  autotest-growl (= 0.2.5)
  builder (= 2.1.2)
  dm-is-tree (= 1.0.2)
  dm-migrations (= 1.0.2)
  dm-pager (= 1.1.0)
  dm-postgres-adapter (= 1.0.0)
  dm-sqlite-adapter (= 1.0.2)
  dm-tags (= 1.0.2)
  dm-timestamps (= 1.0.2)
  dm-types (= 1.0.2)
  dm-validations (= 1.0.2)
  erubis (= 2.6.6)
  exceptional (= 2.0.25)
  haml (= 3.0.17)
  i18n (= 0.4.1)
  rack-flash (= 0.1.1)
  rack-test (= 0.5.4)
  rake (= 0.8.7)
  shotgun (= 0.8)
  shoulda (= 2.11.3)
  sinatra (= 1.0.0)
  sinatra-content-for
  sinatra-logger (= 0.1.0)
  sinatra-r18n (= 0.4.7.1)
