GEM
  remote: http://rubygems.org/
  specs:
    addressable (2.2.0)
    data_objects (0.10.2)
      addressable (~> 2.1)
    dm-core (1.0.0)
      addressable (~> 2.1)
      extlib (~> 0.9.15)
    dm-do-adapter (1.0.0)
      data_objects (~> 0.10.1)
      dm-core (~> 1.0.0)
    dm-migrations (1.0.0)
      dm-core (~> 1.0.0)
    dm-sqlite-adapter (1.0.0)
      dm-do-adapter (~> 1.0.0)
      do_sqlite3 (~> 0.10.2)
    do_sqlite3 (0.10.2)
      data_objects (= 0.10.2)
    extlib (0.9.15)
    pg (0.9.0)
    rack (1.2.1)
    sinatra (1.0)
      rack (>= 1.0)
    sinatra-content-for (0.2)
      sinatra
    sqlite3-ruby (1.3.1)

PLATFORMS
  ruby

DEPENDENCIES
  dm-core
  dm-migrations
  dm-sqlite-adapter
  pg (= 0.9.0)
  sinatra (= 1.0.0)
  sinatra-content-for
  sqlite3-ruby (= 1.3.1)
